GIT
  remote: git://github.com/socrata/socrata-ruby.git
  revision: 2a1a1608ed534db864f9c3876d764ed7d0659891
  specs:
    socrata (0.1.6)
      curb (>= 0.5.4.0)
      httparty (>= 0.4.3)
      json (>= 1.1.6)

GEM
  remote: http://rubygems.org/
  specs:
    couchrest (1.0.1)
      json (>= 1.4.6)
      mime-types (>= 1.15)
      rest-client (>= 1.5.1)
    crack (0.1.8)
    curb (0.7.10)
    httparty (0.7.4)
      crack (= 0.1.8)
    json (1.5.1)
    mime-types (1.16)
    rest-client (1.6.1)
      mime-types (>= 1.16)

PLATFORMS
  ruby

DEPENDENCIES
  couchrest
  socrata!
